GEM
  remote: https://rubygems.org/
  specs:
    cinch (2.3.3)
    yard (0.9.8)

PLATFORMS
  ruby

DEPENDENCIES
  cinch
  yard

BUNDLED WITH
   1.14.4
