GEM
  remote: https://rubygems.org/
  specs:
    cinch (2.3.3)
    cinch-identify (1.7.0)
      cinch (~> 2.0)
    dotenv (2.2.0)
    yard (0.9.12)

PLATFORMS
  ruby

DEPENDENCIES
  cinch
  cinch-identify
  dotenv
  yard

BUNDLED WITH
   1.16.0
